GEM
  remote: https://rubygems.org/
  specs:
    bootstrap-sass (3.3.0.1)
      sass (~> 3.2)
    chunky_png (1.3.3)
    compass (0.12.7)
      chunky_png (~> 1.2)
      fssm (>= 0.2.7)
      sass (~> 3.2.19)
    compass_radix (3.1.3)
      bootstrap-sass (~> 3.2)
      compass (~> 0.12)
    fssm (0.2.10)
    sass (3.2.19)

PLATFORMS
  ruby

DEPENDENCIES
  bootstrap-sass (~> 3.2)
  compass (~> 0.12)
  compass_radix (~> 3.1)
